PATH
  remote: .
  specs:
    alipay_customs (0.1.0)
      httparty (>= 0.16.0)

GEM
  remote: https://rubygems.org/
  specs:
    httparty (0.18.1)
      mime-types (~> 3.0)
      multi_xml (>= 0.5.2)
    mime-types (3.3.1)
      mime-types-data (~> 3.2015)
    mime-types-data (3.2020.0512)
    minitest (5.14.1)
    multi_xml (0.6.0)
    rake (12.0.0)

PLATFORMS
  ruby

DEPENDENCIES
  alipay_customs!
  minitest (~> 5.0)
  rake (~> 12.0)

BUNDLED WITH
   2.1.4
